GIT
  remote: git://github.com/egtaonline/net-ssh.git
  revision: 5b3a3cc28ee1212adcd8ffea145e3a6244b2a16f
  specs:
    net-ssh (2.5.2)

GEM
  remote: http://rubygems.org/
  specs:
    highline (1.6.13)
    i18n (0.6.1)
    mail (2.4.4)
      i18n (>= 0.4.0)
      mime-types (~> 1.16)
      treetop (~> 1.4.8)
    mime-types (1.19)
    net-scp (1.0.4)
      net-ssh (>= 1.99.1)
    polyglot (0.3.3)
    pony (1.4)
      mail (> 2.0)
    treetop (1.4.10)
      polyglot
      polyglot (>= 0.3.1)

PLATFORMS
  java
  ruby

DEPENDENCIES
  highline
  net-scp
  net-ssh!
  pony
