GIT
  remote: git://github.com/egtaonline/net-ssh.git
  revision: 5b3a3cc28ee1212adcd8ffea145e3a6244b2a16f
  specs:
    net-ssh (2.5.2)

GEM
  remote: http://rubygems.org/
  specs:
    highline (2.0.0)
    mail (2.7.0)
      mini_mime (>= 0.1.1)
    mini_mime (1.0.0)
    net-scp (1.0.4)
      net-ssh (>= 1.99.1)
    pony (1.12)
      mail (>= 2.0)

PLATFORMS
  java
  ruby

DEPENDENCIES
  highline
  net-scp
  net-ssh!
  pony

BUNDLED WITH
   1.16.2
