GEM
  remote: http://rubygems.org/
  specs:
    highline (1.6.13)
    net-scp (1.0.4)
      net-ssh (>= 1.99.1)
    net-ssh (2.5.2)

PLATFORMS
  ruby

DEPENDENCIES
  highline
  net-scp
  net-ssh
